GEM
  remote: https://rubygems.org/
  specs:
    byebug (9.0.6)
    chronic_duration (0.10.6)
      numerizer (~> 0.1.1)
    colorize (0.8.1)
    commander (4.4.1)
      highline (~> 1.7.2)
    diff-lcs (1.2.5)
    docile (1.1.5)
    ethon (0.10.1)
      ffi (>= 1.3.0)
    ffi (1.9.14)
    highline (1.7.8)
    ipaddress (0.8.3)
    json (2.0.2)
    numerizer (0.1.1)
    rspec (3.5.0)
      rspec-core (~> 3.5.0)
      rspec-expectations (~> 3.5.0)
      rspec-mocks (~> 3.5.0)
    rspec-core (3.5.4)
      rspec-support (~> 3.5.0)
    rspec-expectations (3.5.0)
      diff-lcs (>= 1.2.0, < 2.0)
      rspec-support (~> 3.5.0)
    rspec-mocks (3.5.0)
      diff-lcs (>= 1.2.0, < 2.0)
      rspec-support (~> 3.5.0)
    rspec-support (3.5.0)
    simplecov (0.12.0)
      docile (~> 1.1.0)
      json (>= 1.8, < 3)
      simplecov-html (~> 0.10.0)
    simplecov-html (0.10.0)
    spec (5.3.4)
      chronic_duration (~> 0.10.2)
    topologygenerator (0.0.8)
    typhoeus (1.1.0)
      ethon (>= 0.9.0)

PLATFORMS
  ruby

DEPENDENCIES
  byebug
  colorize
  commander
  ipaddress
  rspec (~> 3.4)
  rspec-mocks
  simplecov
  spec
  topologygenerator
  typhoeus (= 1.1.0)

BUNDLED WITH
   1.13.2
